GEM
  remote: http://rubygems.org/
  specs:
    tilt (1.3.3)

PLATFORMS
  x86-mingw32

DEPENDENCIES
  tilt (~> 1.3.3)
